GEM
  remote: https://rubygems.org/
  specs:
    paint (2.0.1)
    unicode-display_width (1.3.2)
    whirly (0.2.6)
      unicode-display_width (~> 1.1)

PLATFORMS
  ruby

DEPENDENCIES
  paint!
  whirly!

BUNDLED WITH
   1.10.6
